GEM
  remote: http://rubygems.org/
  specs:
    colorize (0.5.8)
    git (1.2.5)
    jeweler (1.6.2)
      bundler (~> 1.0)
      git (>= 1.2.5)
      rake
    log4r (1.1.9)
    rake (0.9.2)
    rcov (0.9.9)
    shoulda (2.11.3)

PLATFORMS
  ruby

DEPENDENCIES
  bundler (~> 1.0.0)
  colorize
  jeweler (~> 1.6.2)
  log4r
  rcov
  shoulda
