GEM
  remote: http://rubygems.org/
  specs:
    colorize (0.5.8)
    log4r (1.1.9)

PLATFORMS
  ruby

DEPENDENCIES
  colorize
  log4r
